NUGET
  remote: https://nuget.org/api/v2
  specs:
    FAKE (3.14.7)
    GitVersion (1.3.3)
    LibGit2Sharp (0.20.2.0)
